GEM
  remote: https://rubygems.org/
  specs:
    colorize (0.8.1)
    concurrent-ruby (1.0.5)
    faker (1.9.1)
      i18n (>= 0.7)
    i18n (1.0.1)
      concurrent-ruby (~> 1.0)
    mail (2.7.1)
      mini_mime (>= 0.1.1)
    mini_mime (1.0.1)

PLATFORMS
  ruby

DEPENDENCIES
  colorize
  faker
  mail

BUNDLED WITH
   1.16.1
